GEM
  remote: https://rubygems.org/
  specs:
    bourbon (4.2.7)
      sass (~> 3.4)
      thor (~> 0.19)
    ruby (0.1.0)
    sass (3.4.22)
    thor (0.19.4)

PLATFORMS
  ruby

DEPENDENCIES
  bourbon
  ruby
  sass
